GEM
  remote: https://rubygems.org/
  specs:
    cadenza (0.8.0)
      multi_json (>= 1.3.0)
    multi_json (1.8.2)
    rack (1.5.2)
    sass (3.2.12)

PLATFORMS
  ruby

DEPENDENCIES
  cadenza
  rack
  sass
